GEM
  remote: https://rubygems.org/
  specs:
    minitest (5.10.1)
    oj (2.18.1)

PLATFORMS
  ruby

DEPENDENCIES
  minitest
  oj

BUNDLED WITH
   1.14.3
